PATH
  remote: .
  specs:
    rulers (0.0.1)
      erubis
      rack (~> 2.2)

GEM
  remote: https://rubygems.org/
  specs:
    erubis (2.7.0)
    minitest (5.14.2)
    rack (2.2.4)
    rack-test (2.0.2)
      rack (>= 1.3)
    rake (13.0.6)

PLATFORMS
  x86_64-linux

DEPENDENCIES
  minitest (~> 5.0)
  rack-test
  rake (~> 13.0)
  rulers!

BUNDLED WITH
   2.3.21
