PATH
  remote: ..
  specs:
    rulers (0.0.1)
      erubis
      rack (~> 2.2)

GEM
  remote: https://rubygems.org/
  specs:
    erubis (2.7.0)
    ffi (1.15.5)
    listen (3.7.1)
      rb-fsevent (~> 0.10, >= 0.10.3)
      rb-inotify (~> 0.9, >= 0.9.10)
    rack (2.2.4)
    rb-fsevent (0.11.2)
    rb-inotify (0.10.1)
      ffi (~> 1.0)
    rerun (0.13.1)
      listen (~> 3.0)
    webrick (1.7.0)

PLATFORMS
  x86_64-linux

DEPENDENCIES
  rerun
  rulers!
  webrick

BUNDLED WITH
   2.3.21
