PATH
  remote: ..
  specs:
    rulers (0.0.1)
      rack (~> 2.2)

GEM
  remote: https://rubygems.org/
  specs:
    rack (2.2.4)
    webrick (1.7.0)

PLATFORMS
  x86_64-linux

DEPENDENCIES
  rulers!
  webrick

BUNDLED WITH
   2.3.21
